GEM
  specs:
    activesupport (7.0.4.3)
      concurrent-ruby (~> 1.0, >= 1.0.2)
      i18n (>= 1.6, < 2)
      minitest (>= 5.1)
      tzinfo (~> 2.0)
    bundle (0.0.1)
      bundler
    concurrent-ruby (1.2.2)
    diff-lcs (1.5.0)
    haml (6.1.1)
      temple (>= 0.8.2)
      thor
      tilt
    i18n (1.12.0)
      concurrent-ruby (~> 1.0)
    jar_wrapper (0.1.8)
      zip
    minitest (5.16.3)
    nokogiri (1.14.2-x64-mingw-ucrt)
      racc (~> 1.4)
    racc (1.6.2)
    rexml (3.2.5)
    rspec (3.12.0)
      rspec-core (~> 3.12.0)
      rspec-expectations (~> 3.12.0)
      rspec-mocks (~> 3.12.0)
    rspec-core (3.12.1)
      rspec-support (~> 3.12.0)
    rspec-expectations (3.12.2)
      diff-lcs (>= 1.2.0, < 2.0)
      rspec-support (~> 3.12.0)
    rspec-mocks (3.12.4)
      diff-lcs (>= 1.2.0, < 2.0)
      rspec-support (~> 3.12.0)
    rspec-support (3.12.0)
    rubyzip (2.3.2)
    selenium (0.2.11)
      jar_wrapper
    selenium-webdriver (4.8.3)
      rexml (~> 3.2, >= 3.2.5)
      rubyzip (>= 1.2.2, < 3.0)
      websocket (~> 1.0)
    temple (0.10.0)
    thor (1.2.1)
    tilt (2.1.0)
    tzinfo (2.0.6)
      concurrent-ruby (~> 1.0)
    waiter (2.0.5)
      activesupport (> 3.0.0)
      haml
    webdrivers (5.2.0)
      nokogiri (~> 1.6)
      rubyzip (>= 1.3.0)
      selenium-webdriver (~> 4.0)
    websocket (1.2.9)
    zip (2.0.2)

PLATFORMS
  x64-mingw-ucrt

DEPENDENCIES
  bundle
  rspec
  selenium
  selenium-webdriver
  waiter
  webdrivers (~> 5.0)

BUNDLED WITH
   2.4.10
